GEM
  remote: https://rubygems.org/
  specs:
    html_pet (0.0.2)
    mini_portile2 (2.4.0)
    nokogiri (1.10.10)
      mini_portile2 (~> 2.4.0)

PLATFORMS
  ruby

DEPENDENCIES
  html_pet (>= 0.0.2)
  nokogiri

BUNDLED WITH
   2.1.4